GEM
  remote: https://rubygems.org/
  specs:
    concurrent-ruby (1.1.8)
    faker (2.13.0)
      i18n (>= 1.6, < 2)
    healthcare_phony (0.5.1)
      faker (~> 2.13.0)
      psych (~> 3.1.0)
      regexp-examples (~> 1.5.1)
    i18n (1.8.9)
      concurrent-ruby (~> 1.0)
    logger (1.4.3)
    psych (3.1.0)
    regexp-examples (1.5.1)

PLATFORMS
  x86_64-darwin-20

DEPENDENCIES
  healthcare_phony
  logger

BUNDLED WITH
   2.2.7
